GEM
  remote: https://rubygems.org/
  specs:
    activesupport (3.2.12)
      i18n (~> 0.6)
      multi_json (~> 1.0)
    addressable (2.3.3)
    afmotion (0.4)
      motion-cocoapods (>= 1.2.1)
    bubble-wrap (1.1.5)
    cocoapods (0.16.4)
      activesupport (~> 3.2.6)
      colored (~> 1.2)
      escape (~> 0.0.4)
      faraday (~> 0.8.1)
      json (~> 1.7.3)
      octokit (~> 1.7)
      open4 (~> 1.3.0)
      rake (~> 10.0.0)
      xcodeproj (~> 0.5.0)
    codependency (0.2.0)
    colored (1.2)
    escape (0.0.4)
    faraday (0.8.6)
      multipart-post (~> 1.1)
    faraday_middleware (0.9.0)
      faraday (>= 0.7.4, < 0.9)
    geomotion (0.7.0)
    hashie (1.2.0)
    i18n (0.6.4)
    ib (0.2.7)
      thor (>= 0.15.4)
      xcodeproj (>= 0.4.1)
    json (1.7.7)
    map-kit-wrapper (0.0.3)
      codependency (= 0.2.0)
      rake
    motion-cocoapods (1.2.2)
      cocoapods (>= 0.14.0)
    multi_json (1.6.1)
    multipart-post (1.2.0)
    netrc (0.7.7)
    octokit (1.23.0)
      addressable (~> 2.2)
      faraday (~> 0.8)
      faraday_middleware (~> 0.9)
      hashie (~> 1.2)
      multi_json (~> 1.3)
      netrc (~> 0.7.7)
    open4 (1.3.0)
    rake (10.0.3)
    rubymotion_generators (0.1.0)
      thor (~> 0.15)
    sugarcube (0.18.21)
    thor (0.17.0)
    xcodeproj (0.5.2)
      activesupport (~> 3.2.6)
      colored (~> 1.2)

PLATFORMS
  ruby

DEPENDENCIES
  afmotion
  bubble-wrap
  geomotion
  ib
  map-kit-wrapper
  motion-cocoapods
  rubymotion_generators
  sugarcube
